GEM
  remote: https://rubygems.org/
  specs:
    dotenv (2.7.6)
    faraday (1.3.0)
      faraday-net_http (~> 1.0)
      multipart-post (>= 1.2, < 3)
      ruby2_keywords
    faraday-net_http (1.0.0)
    multipart-post (2.1.1)
    nature_remo_e (1.0.0)
      faraday (~> 1.3.0)
    ruby-ambient (0.1.0)
    ruby2_keywords (0.0.2)

PLATFORMS
  ruby

DEPENDENCIES
  dotenv
  nature_remo_e
  ruby-ambient

BUNDLED WITH
   2.1.4
